GEM
  remote: https://rubygems.org/
  specs:
    many_versioned_gem (0.2.2)
      sinatra (= 2.0.1)
      yajl-ruby (= 1.3.1)
    mustermann (1.0.3)
    rack (2.0.7)
    rack-protection (2.0.1)
      rack
    sinatra (2.0.1)
      mustermann (~> 1.0)
      rack (~> 2.0)
      rack-protection (= 2.0.1)
      tilt (~> 2.0)
    tilt (2.0.10)
    yajl-ruby (1.3.1)

PLATFORMS
  ruby

DEPENDENCIES
  many_versioned_gem (= 0.2.2)

BUNDLED WITH
   1.16.2
